GEM
  remote: https://rubygems.org/
  specs:
    KayakoClient (1.1.0)

PLATFORMS
  x86-mingw32

DEPENDENCIES
  KayakoClient
